GEM
  remote: https://rubygems.org/
  specs:
    concurrent-ruby (1.1.10)
    i18n (1.10.0)
      concurrent-ruby (~> 1.0)

PLATFORMS
  x86_64-linux

DEPENDENCIES
  i18n

BUNDLED WITH
   2.3.5
